GEM
  remote: https://rubygems.org/
  specs:
    RedCloth (4.3.2)
    brewdler (1.1.1)
      commander
    commander (4.4.3)
      highline (~> 1.7.2)
    corefoundation (0.2.0)
      ffi
    erubis (2.7.0)
    ffi (1.9.18)
    ffi (1.9.18-java)
    git (1.3.0)
    haml (5.0.1)
      temple (>= 0.8.0)
      tilt
    highline (1.7.8)
    json (1.8.6)
    json (1.8.6-java)
    kramdown (1.13.2)
    liquid (4.0.0)
    opencnam (1.0.1)
      json (~> 1.7)
    os (1.0.0)
    rake (12.0.0)
    rdoc (5.1.0)
    redcarpet (3.4.0)
    ruby-keychain (0.3.2)
      corefoundation (~> 0.2.0)
      ffi
    teamocil (1.4.2)
    temple (0.8.0)
    tilt (2.0.7)

PLATFORMS
  java
  ruby

DEPENDENCIES
  RedCloth
  brewdler
  erubis
  git
  haml
  kramdown
  liquid
  opencnam
  os
  rake
  rdoc
  redcarpet
  ruby-keychain
  teamocil
  tilt

BUNDLED WITH
   1.13.6
