GEM
  remote: http://rubygems.org/
  specs:
    erubis (2.7.0)
    os (0.9.5)
    rake (0.9.2.2)

PLATFORMS
  ruby

DEPENDENCIES
  erubis
  os
  rake
