GEM
  remote: https://rubygems.org/
  specs:
    RedCloth (4.3.2)
    brewdler (1.1.1)
      commander
    commander (4.4.7)
      highline (~> 2.0.0)
    corefoundation (0.2.0)
      ffi
    erubis (2.7.0)
    ffi (1.9.25)
    ffi (1.9.25-java)
    git (1.5.0)
    haml (5.0.4)
      temple (>= 0.8.0)
      tilt
    highline (2.0.0)
    json (1.8.6)
    json (1.8.6-java)
    kramdown (1.17.0)
    liquid (4.0.1)
    opencnam (1.0.1)
      json (~> 1.7)
    os (1.0.0)
    rake (12.3.1)
    rdoc (6.0.4)
    redcarpet (3.4.0)
    ruby-keychain (0.3.2)
      corefoundation (~> 0.2.0)
      ffi
    teamocil (1.4.2)
    temple (0.8.0)
    tilt (2.0.8)

PLATFORMS
  java
  ruby

DEPENDENCIES
  RedCloth
  brewdler
  erubis
  git
  haml
  kramdown
  liquid
  opencnam
  os
  rake
  rdoc
  redcarpet
  ruby-keychain
  teamocil
  tilt

BUNDLED WITH
   1.16.1
