GEM
  remote: https://rubygems.org/
  specs:
    erubis (2.7.0)
    os (0.9.6)
    rake (10.0.4)

PLATFORMS
  java
  ruby

DEPENDENCIES
  erubis
  os
  rake
