GEM
  remote: https://rubygems.org/
  specs:
    brewdler (0.4.0)
      commander
    commander (4.1.3)
      highline (~> 1.6.11)
    corefoundation (0.1.4)
      ffi
    erubis (2.7.0)
    ffi (1.9.0)
    ffi (1.9.0-java)
    git (1.2.5)
    haml (4.0.5)
      tilt
    highline (1.6.19)
    json (1.7.7)
    json (1.7.7-java)
    kramdown (1.3.2)
    liquid (2.6.1)
    opencnam (1.0.0)
      json (~> 1.7.7)
    os (0.9.6)
    rake (10.0.4)
    rdoc (4.1.1)
      json (~> 1.4)
    redcarpet (2.2.2)
    ruby-keychain (0.1.1)
      corefoundation (~> 0.1.3)
      ffi
    teamocil (0.4.4)
    tilt (2.0.0)

PLATFORMS
  java
  ruby

DEPENDENCIES
  brewdler
  erubis
  git
  haml
  kramdown
  liquid
  opencnam
  os
  rake
  rdoc
  redcarpet
  ruby-keychain
  teamocil
  tilt
