GEM
  remote: https://rubygems.org/
  specs:
    RedCloth (4.2.9)
    RedCloth (4.2.9-java)
    brewdler (0.5.0)
      commander
    commander (4.1.6)
      highline (~> 1.6.11)
    corefoundation (0.1.4)
      ffi
    erubis (2.7.0)
    ffi (1.9.3)
    ffi (1.9.3-java)
    git (1.2.6)
    haml (4.0.5)
      tilt
    highline (1.6.21)
    json (1.8.1)
    json (1.8.1-java)
    kramdown (1.3.2)
    liquid (2.6.1)
    opencnam (1.0.1)
      json (~> 1.7)
    os (0.9.6)
    rake (10.1.1)
    rdoc (4.1.1)
      json (~> 1.4)
    redcarpet (3.1.1)
    ruby-keychain (0.1.2)
      corefoundation (~> 0.1.3)
      ffi
    teamocil (0.4.4)
    tilt (2.0.0)

PLATFORMS
  java
  ruby

DEPENDENCIES
  RedCloth
  brewdler
  erubis
  git
  haml
  kramdown
  liquid
  opencnam
  os
  rake
  rdoc
  redcarpet
  ruby-keychain
  teamocil
  tilt
