GEM
  remote: https://rubygems.org/
  specs:
    brewdler (0.4.0)
      commander
    commander (4.1.3)
      highline (~> 1.6.11)
    erubis (2.7.0)
    git (1.2.5)
    highline (1.6.19)
    os (0.9.6)
    rake (10.0.4)
    teamocil (0.4.4)

PLATFORMS
  java
  ruby

DEPENDENCIES
  brewdler
  erubis
  git
  os
  rake
  teamocil
