GEM
  remote: https://rubygems.org/
  specs:
    brewdler (0.4.0)
      commander
    commander (4.1.3)
      highline (~> 1.6.11)
    corefoundation (0.1.4)
      ffi
    erubis (2.7.0)
    ffi (1.9.0)
    ffi (1.9.0-java)
    git (1.2.5)
    highline (1.6.19)
    json (1.7.7)
    json (1.7.7-java)
    opencnam (1.0.0)
      json (~> 1.7.7)
    os (0.9.6)
    rake (10.0.4)
    ruby-keychain (0.1.1)
      corefoundation (~> 0.1.3)
      ffi
    teamocil (0.4.4)

PLATFORMS
  java
  ruby

DEPENDENCIES
  brewdler
  erubis
  git
  opencnam
  os
  rake
  ruby-keychain
  teamocil
